GEM
  remote: https://oss:Q7U7p2q2XlpY45kwqjCpXLIPf122rjkR@gem.mutant.dev/
  specs:
    mutant-license (0.1.1.2.1739399027284447558325915053311580324856.4)

GEM
  remote: https://rubygems.org/
  specs:
    actioncable (7.2.1)
      actionpack (= 7.2.1)
      activesupport (= 7.2.1)
      nio4r (~> 2.0)
      websocket-driver (>= 0.6.1)
      zeitwerk (~> 2.6)
    actionmailbox (7.2.1)
      actionpack (= 7.2.1)
      activejob (= 7.2.1)
      activerecord (= 7.2.1)
      activestorage (= 7.2.1)
      activesupport (= 7.2.1)
      mail (>= 2.8.0)
    actionmailer (7.2.1)
      actionpack (= 7.2.1)
      actionview (= 7.2.1)
      activejob (= 7.2.1)
      activesupport (= 7.2.1)
      mail (>= 2.8.0)
      rails-dom-testing (~> 2.2)
    actionpack (7.2.1)
      actionview (= 7.2.1)
      activesupport (= 7.2.1)
      nokogiri (>= 1.8.5)
      racc
      rack (>= 2.2.4, < 3.2)
      rack-session (>= 1.0.1)
      rack-test (>= 0.6.3)
      rails-dom-testing (~> 2.2)
      rails-html-sanitizer (~> 1.6)
      useragent (~> 0.16)
    actiontext (7.2.1)
      actionpack (= 7.2.1)
      activerecord (= 7.2.1)
      activestorage (= 7.2.1)
      activesupport (= 7.2.1)
      globalid (>= 0.6.0)
      nokogiri (>= 1.8.5)
    actionview (7.2.1)
      activesupport (= 7.2.1)
      builder (~> 3.1)
      erubi (~> 1.11)
      rails-dom-testing (~> 2.2)
      rails-html-sanitizer (~> 1.6)
    activejob (7.2.1)
      activesupport (= 7.2.1)
      globalid (>= 0.3.6)
    activemodel (7.2.1)
      activesupport (= 7.2.1)
    activerecord (7.2.1)
      activemodel (= 7.2.1)
      activesupport (= 7.2.1)
      timeout (>= 0.4.0)
    activestorage (7.2.1)
      actionpack (= 7.2.1)
      activejob (= 7.2.1)
      activerecord (= 7.2.1)
      activesupport (= 7.2.1)
      marcel (~> 1.0)
    activesupport (7.2.1)
      base64
      bigdecimal
      concurrent-ruby (~> 1.0, >= 1.3.1)
      connection_pool (>= 2.2.5)
      drb
      i18n (>= 1.6, < 2)
      logger (>= 1.4.2)
      minitest (>= 5.1)
      securerandom (>= 0.3)
      tzinfo (~> 2.0, >= 2.0.5)
    addressable (2.8.7)
      public_suffix (>= 2.0.2, < 7.0)
    ast (2.4.2)
    aws-eventstream (1.3.0)
    aws-partitions (1.969.0)
    aws-sdk-core (3.202.0)
      aws-eventstream (~> 1, >= 1.3.0)
      aws-partitions (~> 1, >= 1.651.0)
      aws-sigv4 (~> 1.9)
      jmespath (~> 1, >= 1.6.1)
    aws-sdk-kms (1.88.0)
      aws-sdk-core (~> 3, >= 3.201.0)
      aws-sigv4 (~> 1.5)
    aws-sdk-s3 (1.159.0)
      aws-sdk-core (~> 3, >= 3.201.0)
      aws-sdk-kms (~> 1)
      aws-sigv4 (~> 1.5)
    aws-sigv4 (1.9.1)
      aws-eventstream (~> 1, >= 1.0.2)
    axiom-types (0.1.1)
      descendants_tracker (~> 0.0.4)
      ice_nine (~> 0.11.0)
      thread_safe (~> 0.3, >= 0.3.1)
    base64 (0.2.0)
    bcrypt (3.1.20)
    better_errors (2.10.1)
      erubi (>= 1.0.0)
      rack (>= 0.9.0)
      rouge (>= 1.0.0)
    bigdecimal (3.1.8)
    bindex (0.8.1)
    binding_of_caller (1.0.1)
      debug_inspector (>= 1.2.0)
    brakeman (6.2.1)
      racc
    builder (3.3.0)
    bundler-audit (0.9.2)
      bundler (>= 1.2.0, < 3)
      thor (~> 1.0)
    byebug (11.1.3)
    capybara (3.40.0)
      addressable
      matrix
      mini_mime (>= 0.1.3)
      nokogiri (~> 1.11)
      rack (>= 1.6.0)
      rack-test (>= 0.6.3)
      regexp_parser (>= 1.5, < 3.0)
      xpath (~> 3.2)
    capybara-screenshot (1.0.26)
      capybara (>= 1.0, < 4)
      launchy
    clamby (1.6.11)
    coderay (1.1.3)
    coercible (1.0.0)
      descendants_tracker (~> 0.0.1)
    combine_pdf (1.0.26)
      matrix
      ruby-rc4 (>= 0.1.5)
    concurrent-ruby (1.3.4)
    connection_pool (2.4.1)
    crack (1.0.0)
      bigdecimal
      rexml
    crass (1.0.6)
    cucumber (8.0.0)
      builder (~> 3.2, >= 3.2.4)
      cucumber-ci-environment (~> 9.0, >= 9.0.4)
      cucumber-core (~> 11.0, >= 11.0.0)
      cucumber-cucumber-expressions (~> 15.1, >= 15.1.1)
      cucumber-gherkin (~> 23.0, >= 23.0.1)
      cucumber-html-formatter (~> 19.1, >= 19.1.0)
      cucumber-messages (~> 18.0, >= 18.0.0)
      diff-lcs (~> 1.5, >= 1.5.0)
      mime-types (~> 3.4, >= 3.4.1)
      multi_test (~> 1.1, >= 1.1.0)
      sys-uname (~> 1.2, >= 1.2.2)
    cucumber-ci-environment (9.2.0)
    cucumber-core (11.0.0)
      cucumber-gherkin (~> 23.0, >= 23.0.1)
      cucumber-messages (~> 18.0, >= 18.0.0)
      cucumber-tag-expressions (~> 4.1, >= 4.1.0)
    cucumber-cucumber-expressions (15.2.0)
    cucumber-gherkin (23.0.1)
      cucumber-messages (~> 18.0, >= 18.0.0)
    cucumber-html-formatter (19.2.0)
      cucumber-messages (~> 18.0, >= 18.0.0)
    cucumber-messages (18.0.0)
    cucumber-rails (3.0.0)
      capybara (>= 3.11, < 4)
      cucumber (>= 5, < 10)
      railties (>= 5.2, < 8)
    cucumber-tag-expressions (4.1.0)
    database_cleaner (2.0.2)
      database_cleaner-active_record (>= 2, < 3)
    database_cleaner-active_record (2.1.0)
      activerecord (>= 5.a)
      database_cleaner-core (~> 2.0.0)
    database_cleaner-core (2.0.1)
    date (3.3.4)
    debug_inspector (1.2.0)
    descendants_tracker (0.0.4)
      thread_safe (~> 0.3, >= 0.3.1)
    devise (4.9.4)
      bcrypt (~> 3.0)
      orm_adapter (~> 0.1)
      railties (>= 4.1.0)
      responders
      warden (~> 1.2.3)
    diff-lcs (1.5.1)
    docile (1.4.0)
    dotenv (3.1.2)
    dotenv-rails (3.1.2)
      dotenv (= 3.1.2)
      railties (>= 6.1)
    drb (2.2.1)
    erubi (1.13.0)
    execjs (2.8.1)
    faraday (1.10.3)
      faraday-em_http (~> 1.0)
      faraday-em_synchrony (~> 1.0)
      faraday-excon (~> 1.1)
      faraday-httpclient (~> 1.0)
      faraday-multipart (~> 1.0)
      faraday-net_http (~> 1.0)
      faraday-net_http_persistent (~> 1.0)
      faraday-patron (~> 1.0)
      faraday-rack (~> 1.0)
      faraday-retry (~> 1.0)
      ruby2_keywords (>= 0.0.4)
    faraday-em_http (1.0.0)
    faraday-em_synchrony (1.0.0)
    faraday-excon (1.1.0)
    faraday-httpclient (1.0.1)
    faraday-multipart (1.0.4)
      multipart-post (~> 2)
    faraday-net_http (1.0.1)
    faraday-net_http_persistent (1.2.0)
    faraday-patron (1.0.0)
    faraday-rack (1.0.0)
    faraday-retry (1.0.3)
    ffi (1.17.0-arm64-darwin)
    ffi (1.17.0-x86_64-darwin)
    ffi (1.17.0-x86_64-linux-gnu)
    globalid (1.2.1)
      activesupport (>= 6.1)
    govuk-pay-ruby-client (1.0.2)
      faraday (~> 1.0)
    govuk_design_system_formbuilder (3.3.0)
      actionview (>= 6.1)
      activemodel (>= 6.1)
      activesupport (>= 6.1)
      html-attributes-utils (~> 0.9, >= 0.9.2)
    govuk_notify_rails (2.2.0)
      notifications-ruby-client (~> 5.1)
      rails (>= 4.1.0)
    hashdiff (1.0.1)
    hashie (5.0.0)
    html-attributes-utils (0.9.2)
      activesupport (>= 6.1.4.4)
    i18n (1.14.5)
      concurrent-ruby (~> 1.0)
    i18n-debug (1.2.0)
      i18n (< 2)
    ice_nine (0.11.2)
    io-console (0.7.2)
    irb (1.14.0)
      rdoc (>= 4.0.0)
      reline (>= 0.4.2)
    jmespath (1.6.2)
    jquery-rails (4.5.1)
      rails-dom-testing (>= 1, < 3)
      railties (>= 4.2.0)
      thor (>= 0.14, < 2.0)
    json (2.7.2)
    jwt (2.8.2)
      base64
    language_server-protocol (3.17.0.3)
    launchy (2.5.2)
      addressable (~> 2.8)
    listen (3.8.0)
      rb-fsevent (~> 0.10, >= 0.10.3)
      rb-inotify (~> 0.9, >= 0.9.10)
    logger (1.6.0)
    lograge (0.12.0)
      actionpack (>= 4)
      activesupport (>= 4)
      railties (>= 4)
      request_store (~> 1.0)
    logstash-event (1.2.02)
    loofah (2.22.0)
      crass (~> 1.0.2)
      nokogiri (>= 1.12.0)
    mail (2.8.1)
      mini_mime (>= 0.1.1)
      net-imap
      net-pop
      net-smtp
    marcel (1.0.4)
    matrix (0.4.2)
    method_source (1.0.0)
    mime-types (3.5.2)
      mime-types-data (~> 3.2015)
    mime-types-data (3.2024.0820)
    mimemagic (0.4.3)
      nokogiri (~> 1)
      rake
    mini_mime (1.1.5)
    minitest (5.25.1)
    multi_test (1.1.0)
    multi_xml (0.6.0)
    multipart-post (2.3.0)
    mutant (0.11.18)
      diff-lcs (~> 1.3)
      parser (~> 3.2.0)
      regexp_parser (~> 2.6.1)
      sorbet-runtime (~> 0.5.0)
      unparser (~> 0.6.6)
    mutant-rspec (0.11.18)
      mutant (= 0.11.18)
      rspec-core (>= 3.8.0, < 4.0.0)
    net-imap (0.4.15)
      date
      net-protocol
    net-pop (0.1.2)
      net-protocol
    net-protocol (0.2.2)
      timeout
    net-smtp (0.5.0)
      net-protocol
    nio4r (2.7.3)
    nokogiri (1.16.7-arm64-darwin)
      racc (~> 1.4)
    nokogiri (1.16.7-x86_64-darwin)
      racc (~> 1.4)
    nokogiri (1.16.7-x86_64-linux)
      racc (~> 1.4)
    notifications-ruby-client (5.4.0)
      jwt (>= 1.5, < 3)
    oauth2 (2.0.9)
      faraday (>= 0.17.3, < 3.0)
      jwt (>= 1.0, < 3.0)
      multi_xml (~> 0.5)
      rack (>= 1.2, < 4)
      snaky_hash (~> 2.0)
      version_gem (~> 1.1)
    omniauth (2.1.1)
      hashie (>= 3.4.6)
      rack (>= 2.2.3)
      rack-protection
    omniauth-auth0 (3.1.0)
      omniauth (~> 2)
      omniauth-oauth2 (~> 1)
    omniauth-oauth2 (1.8.0)
      oauth2 (>= 1.4, < 3)
      omniauth (~> 2.0)
    omniauth-rails_csrf_protection (1.0.1)
      actionpack (>= 4.2)
      omniauth (~> 2.0)
    orm_adapter (0.5.0)
    parallel (1.26.3)
    parallel_tests (3.7.1)
      ast (~> 2.4.1)
      parallel
    parser (3.2.2.4)
      ast (~> 2.4.1)
      racc
    pg (1.5.1)
    pry (0.14.2)
      coderay (~> 1.1)
      method_source (~> 1.0)
    pry-byebug (3.10.1)
      byebug (~> 11.0)
      pry (>= 0.13, < 0.15)
    pry-rails (0.3.9)
      pry (>= 0.10.4)
    psych (5.1.2)
      stringio
    public_suffix (6.0.1)
    puma (5.6.5)
      nio4r (~> 2.0)
    racc (1.8.1)
    rack (2.2.9)
    rack-protection (3.0.6)
      rack
    rack-session (1.0.2)
      rack (< 3)
    rack-test (2.1.0)
      rack (>= 1.3)
    rackup (1.0.0)
      rack (< 3)
      webrick
    rails (7.2.1)
      actioncable (= 7.2.1)
      actionmailbox (= 7.2.1)
      actionmailer (= 7.2.1)
      actionpack (= 7.2.1)
      actiontext (= 7.2.1)
      actionview (= 7.2.1)
      activejob (= 7.2.1)
      activemodel (= 7.2.1)
      activerecord (= 7.2.1)
      activestorage (= 7.2.1)
      activesupport (= 7.2.1)
      bundler (>= 1.15.0)
      railties (= 7.2.1)
    rails-controller-testing (1.0.5)
      actionpack (>= 5.0.1.rc1)
      actionview (>= 5.0.1.rc1)
      activesupport (>= 5.0.1.rc1)
    rails-dom-testing (2.2.0)
      activesupport (>= 5.0.0)
      minitest
      nokogiri (>= 1.6)
    rails-html-sanitizer (1.6.0)
      loofah (~> 2.21)
      nokogiri (~> 1.14)
    railties (7.2.1)
      actionpack (= 7.2.1)
      activesupport (= 7.2.1)
      irb (~> 1.13)
      rackup (>= 1.0.0)
      rake (>= 12.2)
      thor (~> 1.0, >= 1.2.2)
      zeitwerk (~> 2.6)
    rainbow (3.1.1)
    rake (13.2.1)
    rb-fsevent (0.11.2)
    rb-inotify (0.11.1)
      ffi (~> 1.0)
    rdoc (6.7.0)
      psych (>= 4.0.0)
    redis (5.0.6)
      redis-client (>= 0.9.0)
    redis-client (0.14.1)
      connection_pool
    regexp_parser (2.6.2)
    reline (0.5.9)
      io-console (~> 0.5)
    request_store (1.5.1)
      rack (>= 1.4)
    responders (3.1.1)
      actionpack (>= 5.2)
      railties (>= 5.2)
    rexml (3.3.6)
      strscan
    rouge (4.3.0)
    rspec-core (3.13.0)
      rspec-support (~> 3.13.0)
    rspec-expectations (3.13.2)
      diff-lcs (>= 1.2.0, < 2.0)
      rspec-support (~> 3.13.0)
    rspec-mocks (3.13.1)
      diff-lcs (>= 1.2.0, < 2.0)
      rspec-support (~> 3.13.0)
    rspec-rails (6.1.4)
      actionpack (>= 6.1)
      activesupport (>= 6.1)
      railties (>= 6.1)
      rspec-core (~> 3.13)
      rspec-expectations (~> 3.13)
      rspec-mocks (~> 3.13)
      rspec-support (~> 3.13)
    rspec-support (3.13.1)
    rspec_junit_formatter (0.6.0)
      rspec-core (>= 2, < 4, != 2.12.0)
    rubocop (1.59.0)
      json (~> 2.3)
      language_server-protocol (>= 3.17.0)
      parallel (~> 1.10)
      parser (>= 3.2.2.4)
      rainbow (>= 2.2.2, < 4.0)
      regexp_parser (>= 1.8, < 3.0)
      rexml (>= 3.2.5, < 4.0)
      rubocop-ast (>= 1.30.0, < 2.0)
      ruby-progressbar (~> 1.7)
      unicode-display_width (>= 2.4.0, < 3.0)
    rubocop-ast (1.30.0)
      parser (>= 3.2.1.0)
    rubocop-performance (1.20.2)
      rubocop (>= 1.48.1, < 2.0)
      rubocop-ast (>= 1.30.0, < 2.0)
    ruby-progressbar (1.13.0)
    ruby-rc4 (0.1.5)
    ruby2_keywords (0.0.5)
    rubyzip (2.3.2)
    sanitize (6.0.2)
      crass (~> 1.0.2)
      nokogiri (>= 1.12.0)
    sass (3.7.4)
      sass-listen (~> 4.0.0)
    sass-listen (4.0.0)
      rb-fsevent (~> 0.9, >= 0.9.4)
      rb-inotify (~> 0.9, >= 0.9.7)
    sass-rails (5.1.0)
      railties (>= 5.2.0)
      sass (~> 3.1)
      sprockets (>= 2.8, < 4.0)
      sprockets-rails (>= 2.0, < 4.0)
      tilt (>= 1.1, < 3)
    securerandom (0.3.1)
    selenium-webdriver (4.12.0)
      rexml (~> 3.2, >= 3.2.5)
      rubyzip (>= 1.2.2, < 3.0)
      websocket (~> 1.0)
    sentry-rails (5.9.0)
      railties (>= 5.0)
      sentry-ruby (~> 5.9.0)
    sentry-ruby (5.9.0)
      concurrent-ruby (~> 1.0, >= 1.0.2)
    sidekiq (7.2.0)
      concurrent-ruby (< 2)
      connection_pool (>= 2.3.0)
      rack (>= 2.2.4)
      redis-client (>= 0.14.0)
    sidekiq_alive (2.2.0)
      rack (< 3)
      sidekiq (>= 5, < 8)
      webrick (>= 1, < 2)
    simplecov (0.22.0)
      docile (~> 1.1)
      simplecov-html (~> 0.11)
      simplecov_json_formatter (~> 0.1)
    simplecov-html (0.12.3)
    simplecov-rcov (0.3.1)
      simplecov (>= 0.4.1)
    simplecov_json_formatter (0.1.4)
    site_prism (3.7.3)
      addressable (~> 2.6)
      capybara (~> 3.15)
      site_prism-all_there (>= 0.3.1, < 1.0)
    site_prism-all_there (0.3.2)
    snaky_hash (2.0.1)
      hashie
      version_gem (~> 1.1, >= 1.1.1)
    sorbet-runtime (0.5.10794)
    spring (4.1.1)
    spring-commands-rspec (1.0.4)
      spring (>= 0.9.1)
    sprockets (3.7.3)
      base64
      concurrent-ruby (~> 1.0)
      rack (> 1, < 3)
    sprockets-rails (3.5.2)
      actionpack (>= 6.1)
      activesupport (>= 6.1)
      sprockets (>= 3.0.0)
    stringio (3.1.1)
    strscan (3.1.0)
    sys-uname (1.3.0)
      ffi (~> 1.1)
    thor (1.3.1)
    thread_safe (0.3.6)
    tilt (2.4.0)
    timecop (0.9.6)
    timeout (0.4.1)
    tzinfo (2.0.6)
      concurrent-ruby (~> 1.0)
    uglifier (4.2.0)
      execjs (>= 0.3.0, < 3)
    uk_postcode (2.1.8)
    unicode-display_width (2.5.0)
    unparser (0.6.7)
      diff-lcs (~> 1.3)
      parser (>= 3.2.0)
    useragent (0.16.10)
    version_gem (1.1.2)
    virtus (2.0.0)
      axiom-types (~> 0.1)
      coercible (~> 1.0)
      descendants_tracker (~> 0.0, >= 0.0.3)
    warden (1.2.9)
      rack (>= 2.0.9)
    web-console (4.2.0)
      actionview (>= 6.0.0)
      activemodel (>= 6.0.0)
      bindex (>= 0.4.0)
      railties (>= 6.0.0)
    webmock (3.18.1)
      addressable (>= 2.8.0)
      crack (>= 0.3.2)
      hashdiff (>= 0.4.0, < 2.0.0)
    webrick (1.8.1)
    websocket (1.2.9)
    websocket-driver (0.7.6)
      websocket-extensions (>= 0.1.0)
    websocket-extensions (0.1.5)
    wicked_pdf (2.6.3)
      activesupport
    wkhtmltopdf-binary (0.12.6.8)
    xpath (3.2.0)
      nokogiri (~> 1.8)
    zeitwerk (2.6.17)

PLATFORMS
  arm64-darwin-22
  arm64-darwin-23
  x86_64-darwin-22
  x86_64-linux

DEPENDENCIES
  aws-sdk-s3 (~> 1)
  better_errors
  binding_of_caller
  brakeman
  bundler-audit (~> 0.9.1)
  capybara
  capybara-screenshot (~> 1.0, >= 1.0.25)
  clamby
  combine_pdf (~> 1.0)
  cucumber (< 8.0.1)
  cucumber-rails
  database_cleaner
  devise (~> 4.9, >= 4.9.4)
  dotenv-rails (~> 3.1, >= 3.1.2)
  govuk-pay-ruby-client (~> 1.0.2)
  govuk_design_system_formbuilder
  govuk_notify_rails (~> 2.2.0)
  i18n-debug
  jquery-rails
  listen
  lograge
  logstash-event
  mimemagic (~> 0.4.0)
  mutant-license (= 0.1.1.2.1739399027284447558325915053311580324856.4)!
  mutant-rspec
  omniauth-auth0
  omniauth-rails_csrf_protection
  parallel_tests
  parser (~> 3.1, >= 3.1.1.0)
  pg (~> 1.1)
  pry-byebug
  pry-rails
  puma (< 6.0.0)
  rails (= 7.2.1)
  rails-controller-testing
  redis
  responders
  rspec-rails
  rspec_junit_formatter
  rubocop
  rubocop-performance
  sanitize (~> 6.0.2)
  sass-rails (< 6.0.0)
  selenium-webdriver
  sentry-rails
  sidekiq (~> 7.2.0)
  sidekiq_alive
  simplecov
  simplecov-rcov
  site_prism (~> 3.7, >= 3.7.1)
  spring (~> 4.0)
  spring-commands-rspec
  timecop
  tzinfo (~> 2.0.5)
  uglifier
  uk_postcode
  virtus
  web-console
  webmock
  wicked_pdf (~> 2.6.0)
  wkhtmltopdf-binary (~> 0.12.6.5)

RUBY VERSION
   ruby 3.2.2p53

BUNDLED WITH
   2.4.10
